PATH
  remote: .
  specs:
    veb_tree (0.1.0)

GEM
  remote: https://rubygems.org/
  specs:
    benchmark-ips (2.14.0)
    minitest (5.25.5)
    rake (13.3.0)
    rake-compiler (1.3.0)
      rake
    yard (0.9.37)

PLATFORMS
  ruby
  x86_64-linux

DEPENDENCIES
  benchmark-ips (~> 2.0)
  minitest (~> 5.0)
  rake (~> 13.0)
  rake-compiler (~> 1.2)
  veb_tree!
  yard (~> 0.9)

BUNDLED WITH
   2.6.2
